GEM
  remote: http://rubygems.org/
  specs:
    facets (3.0.0)
    hotspotlogin (1.5.0)
      facets
      rack
      sinatra
      sinatra-r18n
    r18n-core (2.0.4)
    rack (1.6.4)
    rack-protection (1.5.3)
      rack
    sinatra (1.4.6)
      rack (~> 1.4)
      rack-protection (~> 1.4)
      tilt (>= 1.3, < 3)
    sinatra-r18n (2.0.4)
      r18n-core (= 2.0.4)
      sinatra (>= 1.3)
    tilt (2.0.1)

PLATFORMS
  ruby

DEPENDENCIES
  hotspotlogin
  sinatra

BUNDLED WITH
   1.10.6
